GIT
  remote: git://github.com/gregbell/active_admin.git
  revision: c7847f06ccd713b8198bc1d6a005ac902fc67c95
  specs:
    activeadmin (0.6.0)
      arbre (>= 1.0.1)
      bourbon (>= 1.0.0)
      devise (>= 1.1.2)
      fastercsv
      formtastic (>= 2.0.0)
      inherited_resources (>= 1.3.1)
      jquery-rails (>= 1.0.0, < 3.0.0)
      kaminari (>= 0.13.0)
      meta_search (>= 0.9.2)
      rails (>= 3.0.0)
      sass (>= 3.1.0)

GIT
  remote: git://github.com/thedarkone/rails-dev-boost.git
  revision: 5d4d34aeff928c45dda4be40623411ed5acb18c2
  specs:
    rails-dev-boost (0.2.1)
      listen (>= 0.5)
      railties (>= 3.0)

GEM
  remote: https://rubygems.org/
  specs:
    actionmailer (3.2.14)
      actionpack (= 3.2.14)
      mail (~> 2.5.4)
    actionpack (3.2.14)
      activemodel (= 3.2.14)
      activesupport (= 3.2.14)
      builder (~> 3.0.0)
      erubis (~> 2.7.0)
      journey (~> 1.0.4)
      rack (~> 1.4.5)
      rack-cache (~> 1.2)
      rack-test (~> 0.6.1)
      sprockets (~> 2.2.1)
    activemodel (3.2.14)
      activesupport (= 3.2.14)
      builder (~> 3.0.0)
    activerecord (3.2.14)
      activemodel (= 3.2.14)
      activesupport (= 3.2.14)
      arel (~> 3.0.2)
      tzinfo (~> 0.3.29)
    activerecord-import (0.3.1)
      activerecord (~> 3.0)
      activerecord (~> 3.0)
    activeresource (3.2.14)
      activemodel (= 3.2.14)
      activesupport (= 3.2.14)
    activesupport (3.2.14)
      i18n (~> 0.6, >= 0.6.4)
      multi_json (~> 1.0)
    acts-as-taggable-on (2.4.1)
      rails (>= 3, < 5)
    addressable (2.3.5)
    annotate (2.5.0)
      rake
    arbre (1.0.1)
      activesupport (>= 3.0.0)
    arel (3.0.2)
    aws_cf_signer (0.1.2)
    bcrypt-ruby (3.1.2)
    better_errors (0.9.0)
      coderay (>= 1.0.0)
      erubis (>= 2.6.6)
    binding_of_caller (0.7.1)
      debug_inspector (>= 0.0.1)
    bootstrap-sass (2.3.1.3)
      sass (~> 3.2)
    bourbon (3.1.8)
      sass (>= 3.2.0)
      thor
    builder (3.0.4)
    capybara (2.1.0)
      mime-types (>= 1.16)
      nokogiri (>= 1.3.3)
      rack (>= 1.0.0)
      rack-test (>= 0.5.4)
      xpath (~> 2.0)
    childprocess (0.3.9)
      ffi (~> 1.0, >= 1.0.11)
    cliver (0.2.1)
    cloudinary (1.0.63)
      aws_cf_signer
      rest-client
    coderay (1.0.9)
    coffee-rails (3.2.2)
      coffee-script (>= 2.2.0)
      railties (~> 3.2.0)
    coffee-script (2.2.0)
      coffee-script-source
      execjs
    coffee-script-source (1.6.2)
    columnize (0.3.6)
    css_parser (1.3.4)
      addressable
    cucumber (1.3.2)
      builder (>= 2.1.2)
      diff-lcs (>= 1.1.3)
      gherkin (~> 2.12.0)
      multi_json (~> 1.3)
    cucumber-rails (1.3.1)
      capybara (>= 1.1.2)
      cucumber (>= 1.2.0)
      nokogiri (>= 1.5.0)
      rails (~> 3.0)
    daemons (1.1.9)
    database_cleaner (1.0.1)
    debug_inspector (0.0.2)
    debugger (1.6.0)
      columnize (>= 0.3.1)
      debugger-linecache (~> 1.2.0)
      debugger-ruby_core_source (~> 1.2.1)
    debugger-linecache (1.2.0)
    debugger-ruby_core_source (1.2.2)
    devise (2.2.7)
      bcrypt-ruby (~> 3.0)
      orm_adapter (~> 0.1)
      railties (~> 3.1)
      warden (~> 1.2.1)
    devise_invitable (1.1.8)
      actionmailer (~> 3.0)
      devise (>= 2.1.2)
      railties (~> 3.0)
    diff-lcs (1.2.4)
    dotenv (0.7.0)
    eco (1.0.0)
      coffee-script
      eco-source
      execjs
    eco-source (1.1.0.rc.1)
    ejs (1.0.0)
    email_preview (1.5.3)
      rails (>= 3.0)
    embedly (1.8.0)
      json
      oauth
      querystring
      typhoeus
    erubis (2.7.0)
    ethon (0.5.12)
      ffi (>= 1.3.0)
      mime-types (~> 1.18)
    eventmachine (1.0.3)
    execjs (1.4.0)
      multi_json (~> 1.0)
    factory_girl (3.6.2)
      activesupport (>= 3.0.0)
    factory_girl_rails (3.6.0)
      factory_girl (~> 3.6.0)
      railties (>= 3.0.0)
    faker (1.2.0)
      i18n (~> 0.5)
    faraday (0.8.7)
      multipart-post (~> 1.1)
    fastercsv (1.5.5)
    ffi (1.8.1)
    figleaf (0.0.6)
      activesupport
      hashie
    foreman (0.63.0)
      dotenv (>= 0.7)
      thor (>= 0.13.6)
    formatador (0.2.4)
    formtastic (2.2.1)
      actionpack (>= 3.0)
    gherkin (2.12.0)
      multi_json (~> 1.3)
    gmaps4rails (1.5.6)
    guard (1.8.1)
      formatador (>= 0.2.4)
      listen (>= 1.0.0)
      lumberjack (>= 1.0.2)
      pry (>= 0.9.10)
      thor (>= 0.14.6)
    guard-jasmine (1.18.0)
      childprocess
      guard (>= 1.1.0)
      multi_json
      thor
      tilt
    guard-migrate (0.1.7)
      guard (>= 1.3.0)
    haml (4.0.3)
      tilt
    has_scope (0.6.0.rc)
      actionpack (>= 3.2, < 5)
      activesupport (>= 3.2, < 5)
    hashie (2.0.5)
    hike (1.2.3)
    hirb (0.7.1)
    hpricot (0.8.6)
    httpauth (0.2.0)
    i18n (0.6.5)
    inherited_resources (1.4.1)
      has_scope (~> 0.6.0.rc)
      responders (~> 1.0.0.rc)
    iron_cache (1.4.0)
      iron_core (>= 0.5.1)
    iron_cache_rails (0.1.5)
      iron_cache (>= 1)
    iron_core (0.6.2)
      rest (>= 2.2.0)
    jasmine (1.3.2)
      jasmine-core (~> 1.3.1)
      rack (~> 1.0)
      rspec (>= 1.3.1)
      selenium-webdriver (>= 0.1.3)
    jasmine-core (1.3.1)
    jasmine-headless-webkit (0.8.4)
      coffee-script
      jasmine-core (~> 1.1)
      multi_json
      rainbow
      sprockets (~> 2)
    jasminerice (0.0.10)
      coffee-rails
      haml
    journey (1.0.4)
    jquery-rails (2.3.0)
      railties (>= 3.0, < 5.0)
      thor (>= 0.14, < 2.0)
    json (1.8.0)
    jwt (0.1.8)
      multi_json (>= 1.5)
    kaminari (0.14.1)
      actionpack (>= 3.0.0)
      activesupport (>= 3.0.0)
    launchy (2.3.0)
      addressable (~> 2.3)
    letter_opener (1.1.2)
      launchy (~> 2.2)
    listen (1.1.6)
      rb-fsevent (>= 0.9.3)
      rb-inotify (>= 0.9)
      rb-kqueue (>= 0.2)
    lumberjack (1.0.4)
    mail (2.5.4)
      mime-types (~> 1.16)
      treetop (~> 1.4.8)
    meta_search (1.1.3)
      actionpack (~> 3.1)
      activerecord (~> 3.1)
      activesupport (~> 3.1)
      polyamorous (~> 0.5.0)
    method_source (0.8.1)
    mime-types (1.25)
    multi_json (1.8.0)
    multipart-post (1.2.0)
    mysql2 (0.3.11)
    net-http-persistent (2.8)
    newrelic_rpm (3.6.4.122)
    nokogiri (1.5.9)
    oauth (0.4.7)
    oauth2 (0.8.1)
      faraday (~> 0.8)
      httpauth (~> 0.1)
      jwt (~> 0.1.4)
      multi_json (~> 1.0)
      rack (~> 1.2)
    omniauth (1.1.4)
      hashie (>= 1.2, < 3)
      rack
    omniauth-facebook (1.4.1)
      omniauth-oauth2 (~> 1.1.0)
    omniauth-google-oauth2 (0.1.17)
      omniauth (~> 1.0)
      omniauth-oauth2
    omniauth-linkedin-oauth2 (0.0.2)
      omniauth (~> 1.0)
      omniauth-oauth2
    omniauth-oauth2 (1.1.1)
      oauth2 (~> 0.8.0)
      omniauth (~> 1.0)
    omnicontacts (0.3.4)
      json
      rack
    orm_adapter (0.4.0)
    pg (0.15.1)
    pickle (0.4.11)
      cucumber (>= 0.8)
      rake
    poltergeist (1.4.0)
      capybara (~> 2.1.0)
      cliver (~> 0.2.1)
      multi_json (~> 1.0)
      websocket-driver (>= 0.2.0)
    polyamorous (0.5.0)
      activerecord (~> 3.0)
    polyglot (0.3.3)
    postmark (1.0.0)
      json
      rake
    postmark-rails (0.5.1)
      actionmailer (>= 3.0.0)
      postmark (~> 1.0)
    pry (0.9.12.2)
      coderay (~> 1.0.5)
      method_source (~> 0.8)
      slop (~> 3.4)
    pry-debugger (0.2.2)
      debugger (~> 1.3)
      pry (~> 0.9.10)
    querystring (0.1.0)
    quiet_assets (1.0.2)
      railties (>= 3.1, < 5.0)
    rabl (0.8.6)
      activesupport (>= 2.3.14)
    rack (1.4.5)
    rack-cache (1.2)
      rack (>= 0.4)
    rack-ssl (1.3.3)
      rack
    rack-test (0.6.2)
      rack (>= 1.0)
    rails (3.2.14)
      actionmailer (= 3.2.14)
      actionpack (= 3.2.14)
      activerecord (= 3.2.14)
      activeresource (= 3.2.14)
      activesupport (= 3.2.14)
      bundler (~> 1.0)
      railties (= 3.2.14)
    rails-backbone (0.7.2)
      coffee-script (~> 2.2.0)
      ejs (~> 1.0.0)
      railties (>= 3.1.0)
    rails_12factor (0.0.2)
      rails_serve_static_assets
      rails_stdout_logging
    rails_serve_static_assets (0.0.1)
    rails_stdout_logging (0.0.2)
    railties (3.2.14)
      actionpack (= 3.2.14)
      activesupport (= 3.2.14)
      rack-ssl (~> 1.3.2)
      rake (>= 0.8.7)
      rdoc (~> 3.4)
      thor (>= 0.14.6, < 2.0)
    rainbow (1.1.4)
    rake (10.1.0)
    rb-fsevent (0.9.3)
    rb-inotify (0.9.0)
      ffi (>= 0.5.0)
    rb-kqueue (0.2.0)
      ffi (>= 0.5.0)
    rdoc (3.12.2)
      json (~> 1.4)
    responders (1.0.0.rc)
      railties (>= 3.2, < 5)
    rest (2.6.3)
      net-http-persistent
      rest-client (>= 0.3.0)
    rest-client (1.6.7)
      mime-types (>= 1.16)
    roadie (2.4.1)
      actionmailer (> 3.0.0, < 5.0.0)
      css_parser (~> 1.3.4)
      nokogiri (> 1.5.0, < 1.7.0)
      sprockets
    rspec (2.13.0)
      rspec-core (~> 2.13.0)
      rspec-expectations (~> 2.13.0)
      rspec-mocks (~> 2.13.0)
    rspec-core (2.13.1)
    rspec-expectations (2.13.0)
      diff-lcs (>= 1.1.3, < 2.0)
    rspec-mocks (2.13.1)
    rspec-rails (2.13.2)
      actionpack (>= 3.0)
      activesupport (>= 3.0)
      railties (>= 3.0)
      rspec-core (~> 2.13.0)
      rspec-expectations (~> 2.13.0)
      rspec-mocks (~> 2.13.0)
    rubyzip (0.9.9)
    sass (3.2.10)
    sass-rails (3.2.6)
      railties (~> 3.2.0)
      sass (>= 3.1.10)
      tilt (~> 1.3)
    selenium-webdriver (2.35.0)
      childprocess (>= 0.2.5)
      multi_json (~> 1.0)
      rubyzip
      websocket (~> 1.0.4)
    sentry-raven (0.4.8)
      faraday (>= 0.7.6)
      hashie (>= 1.1.0)
      multi_json (~> 1.0)
      uuidtools
    shoulda-matchers (2.3.0)
      activesupport (>= 3.0.0)
    simple_form (2.1.0)
      actionpack (~> 3.0)
      activemodel (~> 3.0)
    slop (3.4.5)
    social-share-button (0.1.4)
    sprockets (2.2.2)
      hike (~> 1.2)
      multi_json (~> 1.0)
      rack (~> 1.0)
      tilt (~> 1.1, != 1.3.0)
    strong_parameters (0.2.1)
      actionpack (~> 3.0)
      activemodel (~> 3.0)
      railties (~> 3.0)
    thin (1.5.1)
      daemons (>= 1.0.9)
      eventmachine (>= 0.12.6)
      rack (>= 1.0.0)
    thor (0.14.6)
    tilt (1.4.1)
    treetop (1.4.15)
      polyglot
      polyglot (>= 0.3.1)
    twitter-bootstrap-rails (2.2.6)
      actionpack (>= 3.1)
      execjs
      railties (>= 3.1)
    typhoeus (0.6.3)
      ethon (~> 0.5.11)
    tzinfo (0.3.37)
    uglifier (2.1.1)
      execjs (>= 0.3.0)
      multi_json (~> 1.0, >= 1.0.2)
    uuidtools (2.1.4)
    vcr (2.5.0)
    warden (1.2.3)
      rack (>= 1.0)
    webrat (0.7.3)
      nokogiri (>= 1.2.0)
      rack (>= 1.0)
      rack-test (>= 0.5.3)
    websocket (1.0.7)
    websocket-driver (0.2.3)
    xpath (2.0.0)
      nokogiri (~> 1.3)

PLATFORMS
  ruby

DEPENDENCIES
  activeadmin!
  activerecord-import
  acts-as-taggable-on
  annotate (>= 2.5.0)
  better_errors
  binding_of_caller
  bootstrap-sass
  bourbon
  cloudinary
  coffee-rails (~> 3.2)
  cucumber-rails
  database_cleaner
  devise (~> 2)
  devise_invitable
  eco
  email_preview
  embedly
  factory_girl (~> 3)
  factory_girl_rails
  faker
  figleaf
  foreman
  gmaps4rails
  guard
  guard-jasmine
  guard-migrate
  hirb
  hpricot
  iron_cache_rails
  jasmine
  jasmine-headless-webkit
  jasminerice
  jquery-rails
  launchy
  letter_opener
  mysql2
  newrelic_rpm
  nokogiri (= 1.5.9)
  omniauth-facebook
  omniauth-google-oauth2
  omniauth-linkedin-oauth2
  omnicontacts
  pg
  pickle
  poltergeist
  postmark-rails (~> 0.5.1)
  pry
  pry-debugger
  quiet_assets
  rabl
  rails (~> 3.2)
  rails-backbone
  rails-dev-boost!
  rails_12factor
  roadie
  rspec-mocks
  rspec-rails (~> 2)
  sass-rails (~> 3.2)
  sentry-raven
  shoulda-matchers
  simple_form
  social-share-button
  strong_parameters
  thin
  twitter-bootstrap-rails
  typhoeus
  uglifier (>= 1.0.3)
  vcr
  webrat
